GEM
  remote: http://rubygems.org/
  specs:
    cinatra (0.5.0)
    colorize (0.5.8)
    git (1.2.5)
    jeweler (1.8.4)
      bundler (~> 1.0)
      git (>= 1.2.5)
      rake
      rdoc
    json (1.7.5)
    multi_json (1.4.0)
    open4 (1.3.0)
    rake (10.0.2)
    rcov (1.0.0)
    rdoc (3.12)
      json (~> 1.4)
    rjb (1.4.3)
    simplecov (0.7.1)
      multi_json (~> 1.0)
      simplecov-html (~> 0.7.1)
    simplecov-html (0.7.1)

PLATFORMS
  ruby

DEPENDENCIES
  bundler
  cinatra
  colorize
  jeweler
  open4
  rcov
  rjb
  simplecov
