GEM
  remote: http://rubygems.org/
  specs:
    cinatra (0.5.0)
    colorize (0.5.8)
    git (1.2.5)
    jeweler (1.6.3)
      bundler (~> 1.0)
      git (>= 1.2.5)
      rake
    open4 (1.0.1)
    rake (0.8.7)
    rcov (0.9.9)
    rjb (1.3.3)

PLATFORMS
  ruby

DEPENDENCIES
  bundler (~> 1.0.0)
  cinatra
  colorize
  jeweler (~> 1.6.3)
  open4
  rcov
  rjb
